GEM
  remote: https://rubygems.org/
  specs:
    addressable (2.3.5)
    coderay (1.1.0)
    em-websocket (0.5.0)
      eventmachine (>= 0.12.9)
      http_parser.rb (~> 0.5.3)
    eventmachine (1.0.3)
    ffi (1.9.3)
    formatador (0.2.4)
    guard (1.8.3)
      formatador (>= 0.2.4)
      listen (~> 1.3)
      lumberjack (>= 1.0.2)
      pry (>= 0.9.10)
      thor (>= 0.14.6)
    guard-livereload (1.4.0)
      em-websocket (>= 0.5.0)
      guard (>= 1.8.0)
      multi_json (~> 1.7)
    guard-redcarpet (0.0.1)
      guard (>= 0.8.8)
      redcarpet (>= 2.0.0b5)
    guard-webrick (0.1.4)
      ffi
      guard (~> 1.0)
      launchy (~> 2.1.0)
      spoon (~> 0.0.1)
    http_parser.rb (0.5.3)
    launchy (2.1.2)
      addressable (~> 2.3)
    listen (1.3.1)
      rb-fsevent (>= 0.9.3)
      rb-inotify (>= 0.9)
      rb-kqueue (>= 0.2)
    lumberjack (1.0.4)
    method_source (0.8.2)
    multi_json (1.8.2)
    pry (0.9.12.4)
      coderay (~> 1.0)
      method_source (~> 0.8)
      slop (~> 3.4)
    rb-fsevent (0.9.3)
    rb-inotify (0.9.2)
      ffi (>= 0.5.0)
    rb-kqueue (0.2.0)
      ffi (>= 0.5.0)
    redcarpet (3.0.0)
    slop (3.4.7)
    spoon (0.0.4)
      ffi
    thor (0.18.1)

PLATFORMS
  ruby

DEPENDENCIES
  guard
  guard-livereload
  guard-redcarpet
  guard-webrick
  rb-fsevent
  rb-inotify
